GEM
  remote: https://rubygems.org/
  specs:
    RubyInline (3.12.4)
      ZenTest (~> 4.3)
    ZenTest (4.11.1)
    chronic (0.10.2)
    minitest (5.10.3)
    sqlite3 (1.3.13)
    string_methods (0.0.1)

PLATFORMS
  ruby

DEPENDENCIES
  RubyInline (= 3.12.4)
  chronic (= 0.10.2)
  minitest (= 5.10.3)
  sqlite3 (= 1.3.13)
  string_methods (= 0.0.1)

BUNDLED WITH
   1.15.4
